GIT
  remote: https://github.com/stellar/xdrgen.git
  revision: 9796d627a739533d0c158ce87fde349b5f764f8b
  specs:
    xdrgen (0.1.3)
      activesupport (~> 6)
      concurrent-ruby (<= 1.3.4)
      memoist (~> 0.11.0)
      slop (~> 3.4)
      treetop (~> 1.5.3)

GEM
  remote: https://rubygems.org/
  specs:
    activesupport (6.1.7.10)
      concurrent-ruby (~> 1.0, >= 1.0.2)
      i18n (>= 1.6, < 2)
      minitest (>= 5.1)
      tzinfo (~> 2.0)
      zeitwerk (~> 2.3)
    base64 (0.3.0)
    bigdecimal (3.2.3)
    concurrent-ruby (1.3.4)
    i18n (1.14.7)
      concurrent-ruby (~> 1.0)
    logger (1.7.0)
    memoist (0.11.0)
    minitest (5.25.5)
    mutex_m (0.3.0)
    polyglot (0.3.5)
    slop (3.6.0)
    treetop (1.5.3)
      polyglot (~> 0.3)
    tzinfo (2.0.6)
      concurrent-ruby (~> 1.0)
    zeitwerk (2.7.3)

PLATFORMS
  arm64-darwin-24
  ruby

DEPENDENCIES
  base64
  bigdecimal
  logger
  mutex_m
  xdrgen!

BUNDLED WITH
   2.7.2
